GEM
  remote: https://rubygems.org/
  specs:
    active_attr (0.8.5)
      activemodel (>= 3.0.2, < 5.0)
      activesupport (>= 3.0.2, < 5.0)
    activemodel (4.2.4)
      activesupport (= 4.2.4)
      builder (~> 3.1)
    activesupport (4.2.4)
      i18n (~> 0.7)
      json (~> 1.7, >= 1.7.7)
      minitest (~> 5.1)
      thread_safe (~> 0.3, >= 0.3.4)
      tzinfo (~> 1.1)
    ast (2.2.0)
    axiom-types (0.1.1)
      descendants_tracker (~> 0.0.4)
      ice_nine (~> 0.11.0)
      thread_safe (~> 0.3, >= 0.3.1)
    builder (3.2.2)
    coercible (1.0.0)
      descendants_tracker (~> 0.0.1)
    colored (1.2)
    daemons (1.2.3)
    descendants_tracker (0.0.4)
      thread_safe (~> 0.3, >= 0.3.1)
    diff-lcs (1.2.5)
    equalizer (0.0.11)
    eventmachine (1.2.0.1)
    faraday (0.9.1)
      multipart-post (>= 1.2, < 3)
    faraday_middleware (0.9.2)
      faraday (>= 0.7.4, < 0.10)
    faraday_middleware-multi_json (0.0.6)
      faraday_middleware
      multi_json
    grape (0.12.0)
      activesupport
      builder
      hashie (>= 2.1.0)
      multi_json (>= 1.3.2)
      multi_xml (>= 0.5.2)
      rack (>= 1.3.0)
      rack-accept
      rack-mount
      virtus (>= 1.0.0)
    grape-entity (0.4.5)
      activesupport
      multi_json (>= 1.3.2)
    grape-swagger (0.10.4)
      grape (>= 0.8.0)
      grape-entity (< 0.5.0)
    hashie (3.4.2)
    httparty (0.13.5)
      json (~> 1.8)
      multi_xml (>= 0.5.2)
    httpclient (2.6.0.1)
    i18n (0.7.0)
    ice_nine (0.11.1)
    json (1.8.3)
    minitest (5.8.0)
    multi_json (1.11.2)
    multi_xml (0.5.5)
    multipart-post (2.0.0)
    neo4j (5.2.1)
      active_attr (~> 0.8)
      activemodel (~> 4)
      activesupport (~> 4)
      neo4j-core (~> 5.1.0)
      orm_adapter (~> 0.5.0)
    neo4j-core (5.1.2)
      activesupport
      faraday (~> 0.9.0)
      faraday_middleware (~> 0.9.1)
      faraday_middleware-multi_json
      httparty
      httpclient
      json
      multi_json
      neo4j-rake_tasks
      net-http-persistent
    neo4j-rake_tasks (0.0.9)
      colored
      httparty
      os
      rake
      zip
    net-http-persistent (2.9.4)
    orm_adapter (0.5.0)
    os (0.9.6)
    parser (2.3.0.6)
      ast (~> 2.2)
    powerpack (0.1.1)
    rack (1.6.4)
    rack-accept (0.4.5)
      rack (>= 0.4)
    rack-cors (0.4.0)
    rack-mount (0.8.3)
      rack (>= 1.0.0)
    rack-test (0.6.3)
      rack (>= 1.0)
    rainbow (2.1.0)
    rake (10.4.2)
    rspec (3.3.0)
      rspec-core (~> 3.3.0)
      rspec-expectations (~> 3.3.0)
      rspec-mocks (~> 3.3.0)
    rspec-core (3.3.2)
      rspec-support (~> 3.3.0)
    rspec-expectations (3.3.1)
      diff-lcs (>= 1.2.0, < 2.0)
      rspec-support (~> 3.3.0)
    rspec-mocks (3.3.2)
      diff-lcs (>= 1.2.0, < 2.0)
      rspec-support (~> 3.3.0)
    rspec-support (3.3.0)
    rubocop (0.38.0)
      parser (>= 2.3.0.6, < 3.0)
      powerpack (~> 0.1)
      rainbow (>= 1.99.1, < 3.0)
      ruby-progressbar (~> 1.7)
      unicode-display_width (~> 1.0, >= 1.0.1)
    ruby-progressbar (1.7.5)
    shotgun (0.9.1)
      rack (>= 1.0)
    thin (1.6.4)
      daemons (~> 1.0, >= 1.0.9)
      eventmachine (~> 1.0, >= 1.0.4)
      rack (~> 1.0)
    thread_safe (0.3.5)
    tzinfo (1.2.2)
      thread_safe (~> 0.1)
    unicode-display_width (1.0.2)
    virtus (1.0.5)
      axiom-types (~> 0.1)
      coercible (~> 1.0)
      descendants_tracker (~> 0.0, >= 0.0.3)
      equalizer (~> 0.0, >= 0.0.9)
    zip (2.0.2)

PLATFORMS
  ruby

DEPENDENCIES
  grape (= 0.12.0)
  grape-entity (= 0.4.5)
  grape-swagger
  json
  neo4j
  rack
  rack-cors
  rack-test
  rspec
  rspec-expectations
  rubocop
  shotgun
  thin

BUNDLED WITH
   1.10.6
